GEM
  remote: https://rubygems.org/
  specs:
    ffi (1.11.1)
    minitest (5.11.3)
    rake (10.5.0)
    rutie (0.0.4)

PLATFORMS
  ruby

DEPENDENCIES
  bundler (~> 2.0)
  ffi
  minitest (~> 5.0)
  rake (~> 10.0)
  rutie (~> 0.0.4)

BUNDLED WITH
   2.0.2
